GEM
  remote: https://rubygems.org/
  specs:
    rexml (3.4.1)
    rss (0.3.1)
      rexml
    ruby-mp3info (0.8.10)

PLATFORMS
  aarch64-linux
  ruby

DEPENDENCIES
  rss
  ruby-mp3info

BUNDLED WITH
   2.6.2
